GEM
  remote: http://rubygems.org/
  specs:
    byebug (9.0.6)
    coderay (1.1.1)
    diff-lcs (1.1.3)
    highline (1.6.21)
    method_source (0.8.2)
    pry (0.10.4)
      coderay (~> 1.1.0)
      method_source (~> 0.8.1)
      slop (~> 3.4)
    pry-byebug (3.4.2)
      byebug (~> 9.0)
      pry (~> 0.10)
    rawline (0.3.2)
      highline (>= 1.4.0)
    rspec (2.8.0)
      rspec-core (~> 2.8.0)
      rspec-expectations (~> 2.8.0)
      rspec-mocks (~> 2.8.0)
    rspec-core (2.8.0)
    rspec-expectations (2.8.0)
      diff-lcs (~> 1.1.2)
    rspec-mocks (2.8.0)
    slop (3.6.0)

PLATFORMS
  ruby

DEPENDENCIES
  pry-byebug
  rawline
  rspec

BUNDLED WITH
   1.15.3
